GEM
  remote: https://rubygems.org/
  specs:
    gosu (0.10.1.1)
    require_all (1.3.2)

PLATFORMS
  ruby

DEPENDENCIES
  gosu
  require_all

BUNDLED WITH
   1.10.6
